GIT
  remote: https://github.com/resque/resque
  revision: 6eba083bbdf8d2a20e28581aa72c0b7b198e794e
  specs:
    resque (2.0.0.pre.1)
      json
      mono_logger (~> 1.0)
      redis-namespace (>= 1.3.0)
      thor (~> 0.17)

GEM
  remote: https://rubygems.org/
  specs:
    json (1.8.2)
    mono_logger (1.1.0)
    redis (3.2.1)
    redis-namespace (1.5.1)
      redis (~> 3.0, >= 3.0.4)
    thor (0.19.1)

PLATFORMS
  ruby

DEPENDENCIES
  resque!
